GEM
  remote: https://rubygems.org/
  specs:
    curses (1.5.3)

PLATFORMS
  arm64-darwin-24
  ruby

DEPENDENCIES
  curses

BUNDLED WITH
   2.6.7
